GEM
  remote: https://rubygems.org/
  specs:
    dotenv (2.0.0)
    ruby-progressbar (1.8.1)

PLATFORMS
  ruby

DEPENDENCIES
  dotenv
  ruby-progressbar

BUNDLED WITH
   1.12.5
